GIT
  remote: https://github.com/souk4711/ffi-clang
  revision: 0d4ef3e12fa0fa5cadaa987de85e5419ecbb4df2
  specs:
    ffi-clang (0.13.0)
      ffi

GIT
  remote: https://github.com/souk4711/ruby-bindgen
  revision: 6d0137df51581e1d1461523c994b90aa715998fa
  specs:
    ruby-bindgen (1.0.0)
      ffi (>= 1.16)
      ffi-clang (>= 0.10)
      ostruct (>= 0.6.0)

GEM
  remote: https://rubygems.org/
  specs:
    date (3.4.1)
    erb (5.1.3)
    ffi (1.17.2-x86_64-linux-gnu)
    nio4r (2.7.4)
    ostruct (0.6.3)
    parallel (1.27.0)
    psych (5.2.6)
      date
      stringio
    puma (7.1.0)
      nio4r (~> 2.0)
    rack (3.2.3)
    rackup (2.2.1)
      rack (>= 3)
    rake (13.3.0)
    rdoc (6.15.0)
      erb
      psych (>= 4.0.0)
      tsort
    redcarpet (3.6.1)
    stringio (3.1.7)
    tsort (0.2.0)
    yard (0.9.37)

PLATFORMS
  x86_64-linux

DEPENDENCIES
  ffi-clang!
  parallel
  puma
  rackup
  rake (~> 13.0)
  rdoc
  redcarpet
  ruby-bindgen!
  yard

BUNDLED WITH
   2.6.9
