PATH
  remote: ../../../../../qtcore
  specs:
    ruby-qt6-qtcore (0.1.0)
      rice (>= 4.6.1)

PATH
  remote: ../../../../../qtgui
  specs:
    ruby-qt6-qtgui (0.1.0)
      rice (>= 4.6.1)
      ruby-qt6-qtcore

PATH
  remote: ../../../../../qtqml
  specs:
    ruby-qt6-qtqml (0.1.0)
      rice (>= 4.6.1)
      ruby-qt6-qtcore

PATH
  remote: ../../../../../qtquick
  specs:
    ruby-qt6-qtquick (0.1.0)
      rice (>= 4.6.1)
      ruby-qt6-qtcore
      ruby-qt6-qtgui
      ruby-qt6-qtqml

GEM
  remote: https://rubygems.org/
  specs:
    rice (4.6.1)

PLATFORMS
  ruby
  x86_64-linux

DEPENDENCIES
  ruby-qt6-qtcore!
  ruby-qt6-qtgui!
  ruby-qt6-qtqml!
  ruby-qt6-qtquick!

BUNDLED WITH
   2.6.9
